PATH
  remote: .
  specs:
    sinatra-respond_to (0.5.0)
      sinatra (~> 1.1)

GEM
  remote: http://rubygems.org/
  specs:
    builder (2.1.2)
    diff-lcs (1.1.2)
    haml (3.0.22)
    rack (1.2.1)
    rack-test (0.5.6)
      rack (>= 1.0)
    rcov (0.9.9)
    rspec (2.0.1)
      rspec-core (~> 2.0.1)
      rspec-expectations (~> 2.0.1)
      rspec-mocks (~> 2.0.1)
    rspec-core (2.0.1)
    rspec-expectations (2.0.1)
      diff-lcs (>= 1.1.2)
    rspec-mocks (2.0.1)
      rspec-core (~> 2.0.1)
      rspec-expectations (~> 2.0.1)
    sinatra (1.1.0)
      rack (~> 1.1)
      tilt (~> 1.1)
    tilt (1.1)

PLATFORMS
  ruby

DEPENDENCIES
  builder (>= 2.0)
  bundler (~> 1.0.0)
  haml (>= 2.0)
  rack-test (~> 0.5.6)
  rcov (~> 0.9.8)
  rspec (~> 2.0.1)
  sinatra (~> 1.1)
  sinatra-respond_to!
